PATH
  remote: ~/Projects/ruby-ise/
  specs:
    ruby-ise (0.6.1)
      highline
      inifile
      nokogiri
      smart_colored

GEM
  remote: https://rubygems.org/
  specs:
    coderay (1.0.7)
    highline (1.6.15)
    inifile (2.0.2)
    method_source (0.8)
    nokogiri (1.5.6)
    pry (0.9.10)
      coderay (~> 1.0.5)
      method_source (~> 0.8)
      slop (~> 3.3.1)
    rake (0.9.2.2)
    require_all (1.2.1)
    slop (3.3.3)
    smart_colored (1.1.1)

PLATFORMS
  ruby

DEPENDENCIES
  pry
  rake (~> 0.9.2.2)
  require_all (~> 1.2.1)
  ruby-ise!
